GEM
  remote: https://rubygems.org/
  specs:
    aws (2.10.2)
      http_connection
      uuidtools
      xml-simple
    aws-sdk (2.8.3)
      aws-sdk-resources (= 2.8.3)
    aws-sdk-core (2.8.3)
      aws-sigv4 (~> 1.0)
      jmespath (~> 1.0)
    aws-sdk-resources (2.8.3)
      aws-sdk-core (= 2.8.3)
    aws-sigv4 (1.0.0)
    curb (0.9.3)
    curb-fu (0.6.2)
      curb (>= 0.5.4.0)
      rack-test (>= 0.2.0)
    daemons (1.2.4)
    diff-lcs (1.3)
    eventmachine (1.2.3)
    http_connection (1.4.4)
    jmespath (1.3.1)
    json (1.8.6)
    rack (1.6.5)
    rack-test (0.6.3)
      rack (>= 1.0)
    rake (12.0.0)
    rspec (3.5.0)
      rspec-core (~> 3.5.0)
      rspec-expectations (~> 3.5.0)
      rspec-mocks (~> 3.5.0)
    rspec-core (3.5.4)
      rspec-support (~> 3.5.0)
    rspec-expectations (3.5.0)
      diff-lcs (>= 1.2.0, < 2.0)
      rspec-support (~> 3.5.0)
    rspec-mocks (3.5.0)
      diff-lcs (>= 1.2.0, < 2.0)
      rspec-support (~> 3.5.0)
    rspec-support (3.5.0)
    sinatra (1.1.0)
      rack (~> 1.1)
      tilt (~> 1.1)
    thin (1.7.0)
      daemons (~> 1.0, >= 1.0.9)
      eventmachine (~> 1.0, >= 1.0.4)
      rack (>= 1, < 3)
    tilt (1.4.1)
    uuidtools (2.1.5)
    xml-simple (1.1.5)

PLATFORMS
  ruby

DEPENDENCIES
  aws
  aws-sdk (~> 2)
  curb
  curb-fu
  json (~> 1.8, >= 1.8.3)
  rack
  rake
  rspec
  sinatra (= 1.1.0)
  thin

RUBY VERSION
   ruby 2.3.3p222

BUNDLED WITH
   1.14.3
